GEM
  remote: https://rubygems.org/
  specs:
    nokogiri (1.5.6)
    rubyzip (1.1.7)
    zip-container (3.0.1)
      rubyzip (~> 1.1.6)

PLATFORMS
  ruby

DEPENDENCIES
  nokogiri
  zip-container

BUNDLED WITH
   1.10.4
